{
    "Modality": "MR",
    "MagneticFieldStrength": 3,
    "ImagingFrequency": 127.769483,
    "Manufacturer": "GE",
    "ManufacturersModelName": "DISCOVERY MR750",
    "InstitutionName": "UESTC",
    "DeviceSerialNumber": "0000082427230055",
    "StationName": "GEHCGEHC",
    "PatientAge": 0,
    "BodyPartExamined": "BRAIN",
    "PatientPosition": "HFS",
    "ProcedureStepDescription": "LOVESPGR",
    "SoftwareVersions": "27\\LX\\MR Software release:DV26.0_R04_1921.a",
    "MRAcquisitionType": "3D",
    "SeriesDescription": "3DT1",
    "ProtocolName": "BEN-Jessica",
    "ScanningSequence": "GR",
    "SequenceVariant": "SS\\SP\\SK",
    "ScanOptions": "FAST_GEMS\\EDR_GEMS\\ACC_GEMS\\PFF\\IR_GEMS",
    "PulseSequenceName": "efgre3d",
    "ImageType": [
        "ORIGINAL",
        "PRIMARY",
        "OTHER"
    ],
    "SeriesNumber": 6,
    "AcquisitionTime": "09:46:6.000000",
    "AcquisitionNumber": 1,
    "SliceThickness": 1,
    "SpacingBetweenSlices": 1,
    "SAR": 0.23398,
    "EchoTime": 0.001972,
    "RepetitionTime": 0.00598,
    "SpoilingState": true,
    "InversionTime": 0.45,
    "FlipAngle": 12,
    "ShimSetting": [
        -3,
        -3,
        -14
    ],
    "PrescanReuseString": "TG/s2,CF/s5,AS/s5,RN/s1",
    "CoilString": "8HRBRAIN",
    "PercentPhaseFOV": 100,
    "PercentSampling": 100,
    "AcquisitionMatrixPE": 256,
    "ReconMatrixPE": 256,
    "ParallelReductionFactorInPlane": 2,
    "PixelBandwidth": 244.141,
    "ImageOrientationPatientDICOM": [
        0.998046,
        0.0103139,
        -0.0616272,
        -0.00310701,
        0.993255,
        0.115913
    ],
    "InPlanePhaseEncodingDirectionDICOM": "ROW",
    "BidsGuess": [
        "anat",
        "_acq-EFGRE3Dp2_run-6_T1w"
    ],
    "ConversionSoftware": "dcm2niix",
    "ConversionSoftwareVersion": "v1.0.20240202"
}