{
    "Modality": "MR",
    "MagneticFieldStrength": 3,
    "ImagingFrequency": 127.769483,
    "Manufacturer": "GE",
    "InternalPulseSequenceName": "EPI",
    "ManufacturersModelName": "DISCOVERY MR750",
    "InstitutionName": "UESTC",
    "DeviceSerialNumber": "0000082427230055",
    "StationName": "GEHCGEHC",
    "PatientAge": 0,
    "BodyPartExamined": "BRAIN",
    "PatientPosition": "HFS",
    "ProcedureStepDescription": "LOVEGradient Echo",
    "SoftwareVersions": "27\\LX\\MR Software release:DV26.0_R04_1921.a",
    "MRAcquisitionType": "2D",
    "SeriesDescription": "run2",
    "ProtocolName": "BEN-Jessica",
    "ScanningSequence": "EP\\GR",
    "SequenceVariant": "SS",
    "ScanOptions": "EPI_GEMS\\ACC_GEMS",
    "PulseSequenceName": "epiRT",
    "ImageType": [
        "ORIGINAL",
        "PRIMARY",
        "EPI",
        "NONE"
    ],
    "SeriesNumber": 5,
    "AcquisitionTime": "09:36:20.000000",
    "AcquisitionNumber": 1,
    "SliceThickness": 3,
    "SpacingBetweenSlices": 4,
    "SAR": 0.181067,
    "EchoTime": 0.03,
    "RepetitionTime": 2,
    "FlipAngle": 90,
    "PhaseEncodingPolarityGE": "Flipped",
    "ShimSetting": [
        -3,
        -3,
        -14
    ],
    "PrescanReuseString": "TG/s2,RN/s1",
    "CoilString": "8HRBRAIN",
    "PercentPhaseFOV": 100,
    "PercentSampling": 100,
    "AcquisitionMatrixPE": 64,
    "ReconMatrixPE": 64,
    "ParallelReductionFactorInPlane": 2,
    "EffectiveEchoSpacing": 0.000194857,
    "TotalReadoutTime": 0.012276,
    "PixelBandwidth": 7812.5,
    "PhaseEncodingDirection": "j",
    "SliceTiming": [
        0,
        1.02564,
        0.0512821,
        1.07692,
        0.102564,
        1.12821,
        0.153846,
        1.17949,
        0.205128,
        1.23077,
        0.25641,
        1.28205,
        0.307692,
        1.33333,
        0.358974,
        1.38462,
        0.410256,
        1.4359,
        0.461538,
        1.48718,
        0.51282,
        1.53846,
        0.564103,
        1.58974,
        0.615385,
        1.64103,
        0.666667,
        1.69231,
        0.717949,
        1.74359,
        0.769231,
        1.79487,
        0.820513,
        1.84615,
        0.871795,
        1.89744,
        0.923077,
        1.94872,
        0.974359
    ],
    "ImageOrientationPatientDICOM": [
        0.998046,
        0.0103139,
        -0.0616273,
        -0.00310701,
        0.993255,
        0.115913
    ],
    "InPlanePhaseEncodingDirectionDICOM": "COL",
    "BidsGuess": [
        "func",
        "_acq-EPIp2_dir-PA_run-5_bold"
    ],
    "ConversionSoftware": "dcm2niix",
    "ConversionSoftwareVersion": "v1.0.20240202",
    "TaskName": "love"
}